GEM
  remote: https://rubygems.org/
  specs:
    RedCloth (4.2.9)
    activesupport (8.0.2)
      base64
      benchmark (>= 0.3)
      bigdecimal
      concurrent-ruby (~> 1.0, >= 1.3.1)
      connection_pool (>= 2.2.5)
      drb
      i18n (>= 1.6, < 2)
      logger (>= 1.4.2)
      minitest (>= 5.1)
      securerandom (>= 0.3)
      tzinfo (~> 2.0, >= 2.0.5)
      uri (>= 0.13.1)
    base64 (0.2.0)
    benchmark (0.4.0)
    bigdecimal (3.1.9)
    blankslate (2.1.2.4)
    classifier (1.4.4)
      fast-stemmer (~> 1.0)
      mutex_m (~> 0.2)
      rake
    colorator (0.1)
    commander (4.1.6)
      highline (~> 1.6.11)
    concurrent-ruby (1.3.5)
    connection_pool (2.5.2)
    drb (2.2.1)
    fast-stemmer (1.0.2)
    ffi (1.17.2-x64-mingw-ucrt)
    gemoji (1.5.0)
    github-pages (20)
      RedCloth (= 4.2.9)
      jekyll (= 1.5.1)
      jekyll-mentions (= 0.0.9)
      jekyll-redirect-from (= 0.3.1)
      jekyll-sitemap (= 0.3.0)
      jemoji (= 0.1.0)
      kramdown (= 1.3.1)
      liquid (= 2.5.5)
      maruku (= 0.7.0)
      rdiscount (= 2.1.7)
      redcarpet (= 2.3.0)
    highline (1.6.21)
    html-pipeline (1.5.0)
      activesupport (>= 2)
      nokogiri (~> 1.4)
    i18n (1.14.7)
      concurrent-ruby (~> 1.0)
    jekyll (1.5.1)
      classifier (~> 1.3)
      colorator (~> 0.1)
      commander (~> 4.1.3)
      liquid (~> 2.5.5)
      listen (~> 1.3)
      maruku (= 0.7.0)
      pygments.rb (~> 0.5.0)
      redcarpet (~> 2.3.0)
      safe_yaml (~> 1.0)
      toml (~> 0.1.0)
    jekyll-mentions (0.0.9)
      html-pipeline (~> 1.5.0)
      jekyll (~> 1.4)
    jekyll-redirect-from (0.3.1)
      jekyll (~> 1.4)
    jekyll-sitemap (0.3.0)
      jekyll (~> 1.4)
    jemoji (0.1.0)
      gemoji (~> 1.5.0)
      html-pipeline (~> 1.5.0)
      jekyll (~> 1.4)
    kramdown (1.3.1)
    liquid (2.5.5)
    listen (1.3.1)
      rb-fsevent (>= 0.9.3)
      rb-inotify (>= 0.9)
      rb-kqueue (>= 0.2)
    logger (1.7.0)
    maruku (0.7.0)
    minitest (5.25.5)
    mutex_m (0.3.0)
    nokogiri (1.18.8-x64-mingw-ucrt)
      racc (~> 1.4)
    parslet (1.5.0)
      blankslate (~> 2.0)
    posix-spawn (0.3.15)
    pygments.rb (0.5.4)
      posix-spawn (~> 0.3.6)
      yajl-ruby (~> 1.1.0)
    racc (1.8.1)
    rake (13.2.1)
    rb-fsevent (0.11.2)
    rb-inotify (0.11.1)
      ffi (~> 1.0)
    rb-kqueue (0.2.8)
      ffi (>= 0.5.0)
    rdiscount (2.1.7)
    redcarpet (2.3.0)
    safe_yaml (1.0.5)
    securerandom (0.4.1)
    toml (0.1.2)
      parslet (~> 1.5.0)
    tzinfo (2.0.6)
      concurrent-ruby (~> 1.0)
    uri (1.0.3)
    yajl-ruby (1.1.0)

PLATFORMS
  x64-mingw-ucrt

DEPENDENCIES
  github-pages
  jekyll

BUNDLED WITH
   2.6.8
